GEM
  specs:

PLATFORMS
  python

DEPENDENCIES

BUNDLED WITH
   1.16.1
